PATH
  remote: .
  specs:
    rack-influxdb (0.1.0)
      influxdb-client (>= 3)
      rack (>= 1.0, < 4)

GEM
  remote: https://rubygems.org/
  specs:
    ast (2.4.2)
    concurrent-ruby (1.3.4)
    diff-lcs (1.5.1)
    dry-core (0.7.1)
      concurrent-ruby (~> 1.0)
    influxdb-client (3.1.0)
    json (2.7.2)
    language_server-protocol (3.17.0.3)
    parallel (1.26.3)
    parser (3.3.5.0)
      ast (~> 2.4.1)
      racc
    racc (1.8.1)
    rack (3.0.10)
    rack-test (2.1.0)
      rack (>= 1.3)
    rainbow (3.1.1)
    rake (13.2.1)
    reek (1.3.7)
      rainbow
      ruby2ruby (~> 2.0.8)
      ruby_parser (~> 3.3)
      sexp_processor
    regexp_parser (2.9.2)
    rspec (3.13.0)
      rspec-core (~> 3.13.0)
      rspec-expectations (~> 3.13.0)
      rspec-mocks (~> 3.13.0)
    rspec-core (3.13.0)
      rspec-support (~> 3.13.0)
    rspec-expectations (3.13.0)
      diff-lcs (>= 1.2.0, < 2.0)
      rspec-support (~> 3.13.0)
    rspec-mocks (3.13.1)
      diff-lcs (>= 1.2.0, < 2.0)
      rspec-support (~> 3.13.0)
    rspec-support (3.13.1)
    rubocop (1.66.1)
      json (~> 2.3)
      language_server-protocol (>= 3.17.0)
      parallel (~> 1.10)
      parser (>= 3.3.0.2)
      rainbow (>= 2.2.2, < 4.0)
      regexp_parser (>= 2.4, < 3.0)
      rubocop-ast (>= 1.32.2, < 2.0)
      ruby-progressbar (~> 1.7)
      unicode-display_width (>= 2.4.0, < 3.0)
    rubocop-ast (1.32.3)
      parser (>= 3.3.1.0)
    ruby-progressbar (1.13.0)
    ruby2ruby (2.0.8)
      ruby_parser (~> 3.1)
      sexp_processor (~> 4.0)
    ruby_parser (3.21.1)
      racc (~> 1.5)
      sexp_processor (~> 4.16)
    sexp_processor (4.17.2)
    unicode-display_width (2.5.0)

PLATFORMS
  aarch64-linux
  x86_64-linux

DEPENDENCIES
  bundler (>= 1.17, < 3.0)
  dry-core (~> 0.7.0)
  rack-influxdb!
  rack-test (~> 2.0)
  rake (~> 13.0)
  reek
  rspec (~> 3.13)
  rubocop (~> 1.0)

RUBY VERSION
   ruby 3.0.2p107

BUNDLED WITH
   2.5.18
