PATH
  remote: .
  specs:
    rack-influxdb (0.1.0)
      influxdb-client (>= 3)
      rack (>= 1.0, < 4)

GEM
  remote: https://rubygems.org/
  specs:
    diff-lcs (1.5.1)
    influxdb-client (3.1.0)
    rack (3.0.10)
    rack-test (2.1.0)
      rack (>= 1.3)
    rake (13.2.1)
    rspec (3.13.0)
      rspec-core (~> 3.13.0)
      rspec-expectations (~> 3.13.0)
      rspec-mocks (~> 3.13.0)
    rspec-core (3.13.0)
      rspec-support (~> 3.13.0)
    rspec-expectations (3.13.0)
      diff-lcs (>= 1.2.0, < 2.0)
      rspec-support (~> 3.13.0)
    rspec-mocks (3.13.1)
      diff-lcs (>= 1.2.0, < 2.0)
      rspec-support (~> 3.13.0)
    rspec-support (3.13.1)

PLATFORMS
  aarch64-linux
  x86_64-linux

DEPENDENCIES
  bundler (>= 1.17, < 3.0)
  rack-influxdb!
  rack-test (~> 2.0)
  rake (~> 13.0)
  rspec (~> 3.13)

BUNDLED WITH
   2.4.12
