PATH
  remote: .
  specs:
    rack-influxdb (0.0.1)
      influxdb-client (>= 3)
      rack (>= 1.0, < 4)

GEM
  remote: https://rubygems.org/
  specs:
    influxdb-client (3.1.0)
    minitest (5.22.3)
    rack (3.0.10)
    rack-test (2.1.0)
      rack (>= 1.3)
    rake (13.2.1)

PLATFORMS
  aarch64-linux
  x86_64-linux

DEPENDENCIES
  bundler (>= 1.17, < 3.0)
  minitest (~> 5.11)
  rack-influxdb!
  rack-test (~> 2.0)
  rake (~> 13.0)

BUNDLED WITH
   2.4.12
